GIT
  remote: git@16.125.113.34:fog
  revision: 609a7c0bde15edf1106b9c185246a07aeb48eede
  branch: master
  specs:
    fog (0.3.31)
      builder
      excon (>= 0.4.0)
      formatador (>= 0.0.16)
      json
      mime-types
      net-ssh (>= 2.0.23)
      nokogiri (>= 1.4.4)
      ruby-hmac

GEM
  remote: http://rubygems.org/
  specs:
    builder (3.0.0)
    diff-lcs (1.1.2)
    excon (0.4.0)
    formatador (0.0.16)
    git (1.2.5)
    jeweler (1.5.2)
      bundler (~> 1.0.0)
      git (>= 1.2.5)
      rake
    json (1.5.1)
    mime-types (1.16)
    net-ssh (2.1.0)
    nokogiri (1.4.4)
    rake (0.8.7)
    rcov (0.9.9)
    rspec (2.4.0)
      rspec-core (~> 2.4.0)
      rspec-expectations (~> 2.4.0)
      rspec-mocks (~> 2.4.0)
    rspec-core (2.4.0)
    rspec-expectations (2.4.0)
      diff-lcs (~> 1.1.2)
    rspec-mocks (2.4.0)
    ruby-hmac (0.4.0)
    thor (0.14.6)
    yard (0.6.4)

PLATFORMS
  ruby

DEPENDENCIES
  bundler (~> 1.0.0)
  fog!
  jeweler (~> 1.5.2)
  rcov
  rspec (~> 2.4.0)
  thor (~> 0.14.6)
  yard (~> 0.6.0)
